PATH
  remote: .
  specs:
    sinatra-assetpack (0.3.3)
      jsmin
      rack-test
      sinatra
      tilt (>= 1.3.0, < 2.0)

GEM
  remote: https://rubygems.org/
  specs:
    awesome_print (1.2.0)
    coffee-script (2.2.0)
      coffee-script-source
      execjs
    coffee-script-source (1.6.3)
    columnize (0.3.6)
    commonjs (0.2.7)
    contest (0.1.3)
    debugger (1.6.5)
      columnize (>= 0.3.1)
      debugger-linecache (~> 1.2.0)
      debugger-ruby_core_source (~> 1.3.1)
    debugger-linecache (1.2.0)
    debugger-ruby_core_source (1.3.1)
    execjs (2.0.2)
    gem-release (0.7.1)
    haml (4.0.5)
      tilt
    jsmin (1.0.1)
    json (1.8.1)
    json (1.8.1-java)
    less (2.4.0)
      commonjs (~> 0.2.7)
    metaclass (0.0.1)
    mocha (0.14.0)
      metaclass (~> 0.0.1)
    rack (1.5.2)
    rack-protection (1.5.1)
      rack
    rack-test (0.6.2)
      rack (>= 1.0)
    rake (10.1.1)
    sass (3.2.13)
    sinatra (1.4.4)
      rack (~> 1.4)
      rack-protection (~> 1.4)
      tilt (~> 1.3, >= 1.3.4)
    stylus (1.0.0)
      execjs
      stylus-source
    stylus-source (0.38.0)
    tilt (1.4.1)
    uglifier (2.4.0)
      execjs (>= 0.3.0)
      json (>= 1.8.0)
    yui-compressor (0.12.0)

PLATFORMS
  java
  ruby

DEPENDENCIES
  awesome_print
  coffee-script
  contest
  debugger
  gem-release
  haml
  less
  mocha
  rake
  sass
  sinatra-assetpack!
  stylus
  uglifier
  yui-compressor
