GEM
  remote: https://rubygems.org/
  specs:
    activesupport (4.2.0)
      i18n (~> 0.7)
      json (~> 1.7, >= 1.7.7)
      minitest (~> 5.1)
      thread_safe (~> 0.3, >= 0.3.4)
      tzinfo (~> 1.1)
    bson (1.12.0)
    bson_ext (1.12.0)
      bson (~> 1.12.0)
    faraday (0.9.1)
      multipart-post (>= 1.2, < 3)
    git_repository (0.0.11)
    hashie (3.4.0)
    httparty (0.13.3)
      json (~> 1.8)
      multi_xml (>= 0.5.2)
    i18n (0.7.0)
    jsmin (1.0.1)
    json (1.8.2)
    jwt (1.2.1)
    libv8 (3.16.14.7)
    minitest (5.5.1)
    multi_json (1.10.1)
    multi_xml (0.5.5)
    multipart-post (2.0.0)
    oauth2 (1.0.0)
      faraday (>= 0.8, < 0.10)
      jwt (~> 1.0)
      multi_json (~> 1.3)
      multi_xml (~> 0.5)
      rack (~> 1.2)
    omniauth (1.2.2)
      hashie (>= 1.2, < 4)
      rack (~> 1.0)
    omniauth-authic (0.0.4)
      omniauth-oauth2 (>= 1.0.2)
    omniauth-oauth2 (1.2.0)
      faraday (>= 0.8, < 0.10)
      multi_json (~> 1.3)
      oauth2 (~> 1.0)
      omniauth (~> 1.2)
    power_assert (0.2.2)
    puma (2.11.1)
      rack (>= 1.1, < 2.0)
    rack (1.6.0)
    rack-protection (1.5.3)
      rack
    rack-ssl-enforcer (0.2.8)
    rack-test (0.6.3)
      rack (>= 1.0)
    rake (10.4.2)
    ref (1.0.5)
    sass (3.4.11)
    sinatra (1.4.5)
      rack (~> 1.4)
      rack-protection (~> 1.4)
      tilt (~> 1.3, >= 1.3.4)
    sinatra-assetpack (0.3.3)
      jsmin
      rack-test
      sinatra
      tilt (>= 1.3.0, < 2.0)
    test-unit (3.0.9)
      power_assert
    therubyracer (0.12.1)
      libv8 (~> 3.16.14.0)
      ref
    thread_safe (0.3.4)
    tilt (1.4.1)
    tzinfo (1.2.2)
      thread_safe (~> 0.1)

PLATFORMS
  ruby

DEPENDENCIES
  activesupport
  bson_ext
  git_repository
  httparty
  omniauth-authic
  puma
  rack-ssl-enforcer
  rack-test
  rake
  sass
  sinatra
  sinatra-assetpack
  test-unit
  therubyracer
